GEM
  remote: https://rubygems.org/
  specs:
    chef-utils (16.5.77)
    childprocess (4.0.0)
    iniparse (1.5.0)
    kramdown (2.3.0)
      rexml
    kramdown-parser-gfm (1.1.0)
      kramdown (~> 2.0)
    mdl (0.11.0)
      kramdown (~> 2.3)
      kramdown-parser-gfm (~> 1.1)
      mixlib-cli (~> 2.1, >= 2.1.1)
      mixlib-config (>= 2.2.1, < 4)
      mixlib-shellout
    mixlib-cli (2.1.8)
    mixlib-config (3.0.9)
      tomlrb
    mixlib-shellout (3.1.6)
      chef-utils
    overcommit (0.57.0)
      childprocess (>= 0.6.3, < 5)
      iniparse (~> 1.4)
    rexml (3.2.4)
    tomlrb (1.3.0)

PLATFORMS
  ruby

DEPENDENCIES
  mdl
  overcommit

BUNDLED WITH
   2.0.2
